PATH
  remote: .
  specs:
    migration_tools (1.7.1)
      activerecord (>= 4.2.0, < 6.2)

GEM
  remote: https://rubygems.org/
  specs:
    activemodel (6.1.7.10)
      activesupport (= 6.1.7.10)
    activerecord (6.1.7.10)
      activemodel (= 6.1.7.10)
      activesupport (= 6.1.7.10)
    activesupport (6.1.7.10)
      concurrent-ruby (~> 1.0, >= 1.0.2)
      i18n (>= 1.6, < 2)
      minitest (>= 5.1)
      tzinfo (~> 2.0)
      zeitwerk (~> 2.3)
    bump (0.10.0)
    concurrent-ruby (1.3.5)
    i18n (1.14.7)
      concurrent-ruby (~> 1.0)
    minitest (5.14.4)
    minitest-rg (5.2.0)
      minitest (~> 5.0)
    mocha (1.13.0)
    rake (13.0.6)
    sqlite3 (1.4.2)
    tzinfo (2.0.6)
      concurrent-ruby (~> 1.0)
    zeitwerk (2.6.18)

PLATFORMS
  ruby
  x86_64-darwin-19

DEPENDENCIES
  bump
  migration_tools!
  minitest
  minitest-rg
  mocha
  rake
  sqlite3

BUNDLED WITH
   2.2.27
