PATH
  remote: .
  specs:
    migration_tools (1.4.0)
      activerecord (>= 3.2.6, < 5.2)

GEM
  remote: https://rubygems.org/
  specs:
    activemodel (5.1.0)
      activesupport (= 5.1.0)
    activerecord (5.1.0)
      activemodel (= 5.1.0)
      activesupport (= 5.1.0)
      arel (~> 8.0)
    activesupport (5.1.0)
      concurrent-ruby (~> 1.0, >= 1.0.2)
      i18n (~> 0.7)
      minitest (~> 5.1)
      tzinfo (~> 1.1)
    arel (8.0.0)
    bump (0.5.3)
    concurrent-ruby (1.0.5)
    i18n (0.8.1)
    iconv (1.0.4)
    metaclass (0.0.4)
    minitest (5.8.3)
    minitest-rg (5.2.0)
      minitest (~> 5.0)
    mocha (1.1.0)
      metaclass (~> 0.0.1)
    rake (10.4.2)
    sqlite3 (1.3.11)
    thread_safe (0.3.6)
    tzinfo (1.2.3)
      thread_safe (~> 0.1)
    wwtd (1.3.0)

PLATFORMS
  ruby

DEPENDENCIES
  bump
  iconv
  migration_tools!
  minitest
  minitest-rg
  mocha
  rake
  sqlite3
  wwtd

BUNDLED WITH
   1.14.6
